GEM
  remote: https://rubygems.org/
  specs:
    base64 (0.2.0)
    coderay (1.1.3)
    csv (3.3.2)
    dotenv (3.1.7)
    faraday (2.0.1)
      faraday-net_http (~> 2.0)
      ruby2_keywords (>= 0.0.4)
    faraday-net_http (2.0.1)
    logger (1.6.4)
    method_source (1.0.0)
    mini_portile2 (2.7.1)
    nio4r (2.7.4)
    nokogiri (1.13.0)
      mini_portile2 (~> 2.7.0)
      racc (~> 1.4)
    ostruct (0.6.1)
    pry (0.14.1)
      coderay (~> 1.1)
      method_source (~> 1.0)
    puma (5.5.2)
      nio4r (~> 2.0)
    racc (1.6.0)
    rack (3.1.8)
    rack-cors (2.0.2)
      rack (>= 2.0.0)
    roo (2.8.3)
      nokogiri (~> 1)
      rubyzip (>= 1.3.0, < 3.0.0)
    ruby-progressbar (1.11.0)
    ruby2_keywords (0.0.5)
    rubyzip (2.3.2)
    uri (1.0.2)

PLATFORMS
  ruby

DEPENDENCIES
  base64
  csv
  dotenv
  faraday
  logger
  ostruct
  pry
  puma
  rack
  rack-cors
  roo
  ruby-progressbar
  uri

BUNDLED WITH
   2.6.2
